PATH
  remote: .
  specs:
    apollo_upload_server (2.1.2)
      graphql
      rack

GEM
  remote: https://rubygems.org/
  specs:
    diff-lcs (1.3)
    graphql (2.0.12)
    rack (2.2.4)
    rake (13.0.1)
    rspec (3.8.0)
      rspec-core (~> 3.8.0)
      rspec-expectations (~> 3.8.0)
      rspec-mocks (~> 3.8.0)
    rspec-core (3.8.0)
      rspec-support (~> 3.8.0)
    rspec-expectations (3.8.2)
      diff-lcs (>= 1.2.0, < 2.0)
      rspec-support (~> 3.8.0)
    rspec-mocks (3.8.0)
      diff-lcs (>= 1.2.0, < 2.0)
      rspec-support (~> 3.8.0)
    rspec-support (3.8.0)

PLATFORMS
  ruby

DEPENDENCIES
  apollo_upload_server!
  bundler
  rake
  rspec

BUNDLED WITH
   2.3.17
